GEM
  remote: https://rubygems.org/
  specs:
    allison (2.0.3)
    apachelogregex (0.1.0)
      echoe (>= 3.1)
      rake (>= 0.8)
    echoe (4.6.3)
      allison (>= 2.0.3)
      gemcutter (>= 0.7.0)
      rake (>= 0.9.2)
      rdoc (>= 3.6.1)
      rubyforge (>= 2.0.4)
    gemcutter (0.7.1)
    json (1.8.0)
    json_pure (1.8.0)
    rake (10.1.0)
    rdoc (4.0.1)
      json (~> 1.4)
    rubyforge (2.0.4)
      json_pure (>= 1.1.7)

PLATFORMS
  ruby

DEPENDENCIES
  apachelogregex
